GEM
  remote: http://rubygems.org/
  specs:
    bson (1.5.2)
    bson_ext (1.5.2)
      bson (= 1.5.2)
    coffee-script (2.2.0)
      coffee-script-source
      execjs
    coffee-script-source (1.2.0)
    execjs (1.2.13)
      multi_json (~> 1.0)
    mongo (1.5.2)
      bson (= 1.5.2)
    multi_json (1.0.4)

PLATFORMS
  ruby

DEPENDENCIES
  bson_ext
  coffee-script
  mongo
